GEM
  remote: http://rubygems.org/
  specs:
    actionmailer (3.1.1)
      actionpack (= 3.1.1)
      mail (~> 2.3.0)
    actionpack (3.1.1)
      activemodel (= 3.1.1)
      activesupport (= 3.1.1)
      builder (~> 3.0.0)
      erubis (~> 2.7.0)
      i18n (~> 0.6)
      rack (~> 1.3.2)
      rack-cache (~> 1.1)
      rack-mount (~> 0.8.2)
      rack-test (~> 0.6.1)
      sprockets (~> 2.0.2)
    activemodel (3.1.1)
      activesupport (= 3.1.1)
      builder (~> 3.0.0)
      i18n (~> 0.6)
    activerecord (3.1.1)
      activemodel (= 3.1.1)
      activesupport (= 3.1.1)
      arel (~> 2.2.1)
      tzinfo (~> 0.3.29)
    activerecord-jdbc-adapter (1.2.2)
    activeresource (3.1.1)
      activemodel (= 3.1.1)
      activesupport (= 3.1.1)
    activesupport (3.1.1)
      multi_json (~> 1.0)
    arel (2.2.3)
    bouncy-castle-java (1.5.0146.1)
    builder (3.0.0)
    erubis (2.7.0)
    hike (1.2.1)
    i18n (0.6.0)
    jdbc-mysql (5.1.13)
    jdbc-sqlite3 (3.7.2)
    jquery-rails (1.0.14)
      railties (~> 3.0)
      thor (~> 0.14)
    jruby-openssl (0.7.6.1)
      bouncy-castle-java (>= 1.5.0146.1)
    jruby-rack (1.1.4)
    json (1.6.5)
    json (1.6.5-java)
    kgio (2.7.2)
    mail (2.3.0)
      i18n (>= 0.4.0)
      mime-types (~> 1.16)
      treetop (~> 1.4.8)
    mime-types (1.17.2)
    multi_json (1.1.0)
    mysql2 (0.2.18)
    polyglot (0.3.3)
    rack (1.3.6)
    rack-cache (1.1)
      rack (>= 0.4)
    rack-mount (0.8.3)
      rack (>= 1.0.0)
    rack-ssl (1.3.2)
      rack
    rack-test (0.6.1)
      rack (>= 1.0)
    rails (3.1.1)
      actionmailer (= 3.1.1)
      actionpack (= 3.1.1)
      activerecord (= 3.1.1)
      activeresource (= 3.1.1)
      activesupport (= 3.1.1)
      bundler (~> 1.0)
      railties (= 3.1.1)
    railties (3.1.1)
      actionpack (= 3.1.1)
      activesupport (= 3.1.1)
      rack-ssl (~> 1.3.2)
      rake (>= 0.8.7)
      rdoc (~> 3.4)
      thor (~> 0.14.6)
    raindrops (0.8.0)
    rake (0.9.2.2)
    rdoc (3.12)
      json (~> 1.4)
    rinku (1.5.1)
    simple_form (1.5.1)
      actionpack (~> 3.0)
      activemodel (~> 3.0)
    sprockets (2.0.3)
      hike (~> 1.2)
      rack (~> 1.0)
      tilt (~> 1.1, != 1.3.0)
    sqlite3 (1.3.5)
    sqlite3 (1.3.5-x86-mingw32)
    thor (0.14.6)
    tilt (1.3.3)
    treetop (1.4.10)
      polyglot
      polyglot (>= 0.3.1)
    trinidad (1.3.4)
      jruby-rack (>= 1.1.1)
      trinidad_jars (>= 1.0.1)
    trinidad_jars (1.0.2)
    tzinfo (0.3.31)
    unicorn (4.2.0)
      kgio (~> 2.6)
      rack
      raindrops (~> 0.7)

PLATFORMS
  java
  ruby
  x86-mingw32

DEPENDENCIES
  activerecord-jdbc-adapter
  jdbc-mysql
  jdbc-sqlite3
  jquery-rails (= 1.0.14)
  jruby-openssl
  mysql2 (~> 0.2.7)
  rails (= 3.1.1)
  rinku
  simple_form (= 1.5.1)
  sqlite3
  trinidad
  unicorn
